PATH
  remote: .
  specs:
    rdio-cli (1.2.2)
      gli (= 2.5.2)
      highline (~> 1.6.15)
      launchy (~> 2.1.2)

GEM
  remote: https://rubygems.org/
  specs:
    addressable (2.3.2)
    coderay (1.0.9)
    crack (0.3.1)
    diff-lcs (1.1.3)
    gli (2.5.2)
    guard (1.5.4)
      listen (>= 0.4.2)
      lumberjack (>= 1.0.2)
      pry (>= 0.9.10)
      thor (>= 0.14.6)
    guard-rspec (2.5.1)
      guard (>= 1.1)
      rspec (~> 2.11)
    highline (1.6.21)
    launchy (2.1.2)
      addressable (~> 2.3)
    listen (0.6.0)
    lumberjack (1.0.2)
    method_source (0.8.1)
    multi_json (1.7.1)
    pry (0.9.12)
      coderay (~> 1.0.5)
      method_source (~> 0.8)
      slop (~> 3.4)
    rake (10.0.3)
    rb-fsevent (0.9.3)
    rspec (2.12.0)
      rspec-core (~> 2.12.0)
      rspec-expectations (~> 2.12.0)
      rspec-mocks (~> 2.12.0)
    rspec-core (2.12.2)
    rspec-expectations (2.12.0)
      diff-lcs (~> 1.1.3)
    rspec-mocks (2.12.0)
    simplecov (0.7.1)
      multi_json (~> 1.0)
      simplecov-html (~> 0.7.1)
    simplecov-html (0.7.1)
    slop (3.4.3)
    thor (0.17.0)
    webmock (1.8.7)
      addressable (>= 2.2.7)
      crack (>= 0.1.7)

PLATFORMS
  ruby

DEPENDENCIES
  guard-rspec
  rake (~> 10.0.3)
  rb-fsevent (~> 0.9.3)
  rdio-cli!
  rspec (~> 2.12.0)
  rspec-mocks (~> 2.12.0)
  simplecov
  webmock
